GIT
  remote: git://github.com/jeffersongirao/rspec-puppet.git
  revision: f25f4681ca854664983d741e516ec3628ab98fc5
  specs:
    rspec-puppet (0.1.5)
      rspec

GEM
  remote: https://rubygems.org/
  specs:
    daemons (1.1.9)
    diff-lcs (1.2.1)
    encryptor (1.1.3)
    facter (1.6.17)
    hiera (1.1.2)
      json_pure
    highline (1.6.19)
    json (1.7.7)
    json_pure (1.7.7)
    librarian-puppet (0.9.8)
      json
      thor (~> 0.15)
    metaclass (0.0.1)
    mocha (0.13.2)
      metaclass (~> 0.0.1)
    net-scp (1.1.1)
      net-ssh (>= 2.6.5)
    net-sftp (2.1.2)
      net-ssh (>= 2.6.5)
    net-ssh (2.6.7)
    net-ssh-gateway (1.2.0)
      net-ssh (>= 2.6.5)
    puppet (3.1.0)
      facter (~> 1.6)
      hiera (~> 1.0)
    puppet-decrypt (0.1.0)
      encryptor
    puppet-lint (0.3.2)
    puppetlabs_spec_helper (0.4.1)
      mocha (>= 0.10.5)
      rake
      rspec (>= 2.9.0)
      rspec-puppet (>= 0.1.1)
    rake (10.0.3)
    rspec (2.13.0)
      rspec-core (~> 2.13.0)
      rspec-expectations (~> 2.13.0)
      rspec-mocks (~> 2.13.0)
    rspec-core (2.13.0)
    rspec-expectations (2.13.0)
      diff-lcs (>= 1.1.3, < 2.0)
    rspec-mocks (2.13.0)
    thor (0.17.0)

PLATFORMS
  ruby

DEPENDENCIES
  daemons
  librarian-puppet
  puppet (= 3.1.0)
  puppet-decrypt (>= 0.1.0)
  puppet-lint
  puppetlabs_spec_helper
  rspec-puppet!
